RESTRICTION: == net48
NUGET
  remote: https://api.nuget.org/v3/index.json
    PostSharp (6.3.10)
      PostSharp.Redist (>= 6.3.10 < 7.0)
    PostSharp.Patterns.Common (6.3.10)
      PostSharp (>= 6.3.10 < 7.0)
      PostSharp.Patterns.Common.Redist (>= 6.3.10 < 7.0)
    PostSharp.Patterns.Common.Redist (6.3.10)
      PostSharp.Redist (>= 6.3.10 < 7.0)
    PostSharp.Redist (6.3.10)
    xunit (2.4.1)
      xunit.analyzers (>= 0.10)
      xunit.assert (2.4.1)
      xunit.core (2.4.1)
    xunit.abstractions (2.0.3)
    xunit.analyzers (0.10)
    xunit.assert (2.4.1)
    xunit.core (2.4.1)
      xunit.extensibility.core (2.4.1)
      xunit.extensibility.execution (2.4.1)
    xunit.extensibility.core (2.4.1)
      xunit.abstractions (>= 2.0.3)
    xunit.extensibility.execution (2.4.1)
      xunit.extensibility.core (2.4.1)
    xunit.runner.console (2.4.1)
