RESTRICTION: == net48
NUGET
  remote: https://api.nuget.org/v3/index.json
    PostSharp (5.0.55)
      PostSharp.Redist (>= 5.0.55 < 6.0)
    PostSharp.Patterns.Common (5.0.55)
      PostSharp (>= 5.0.55 < 6.0)
      PostSharp.Patterns.Common.Redist (5.0.55)
    PostSharp.Patterns.Common.Redist (5.0.55)
      PostSharp.Redist (>= 5.0.55 < 6.0)
    PostSharp.Redist (5.0.55)
    xunit (2.4.1)
      xunit.analyzers (>= 0.10)
      xunit.assert (2.4.1)
      xunit.core (2.4.1)
    xunit.abstractions (2.0.3)
    xunit.analyzers (0.10)
    xunit.assert (2.4.1)
    xunit.core (2.4.1)
      xunit.extensibility.core (2.4.1)
      xunit.extensibility.execution (2.4.1)
    xunit.extensibility.core (2.4.1)
      xunit.abstractions (>= 2.0.3)
    xunit.extensibility.execution (2.4.1)
      xunit.extensibility.core (2.4.1)
    xunit.runner.console (2.4.1)
